PATH
  remote: .
  specs:
    geopath (0.1.0)
      httparty (~> 0.13.7)

GEM
  remote: https://rubygems.org/
  specs:
    diff-lcs (1.3)
    httparty (0.13.7)
      json (~> 1.8)
      multi_xml (>= 0.5.2)
    json (1.8.6)
    multi_xml (0.6.0)
    rake (13.0.1)
    rspec (3.9.0)
      rspec-core (~> 3.9.0)
      rspec-expectations (~> 3.9.0)
      rspec-mocks (~> 3.9.0)
    rspec-core (3.9.2)
      rspec-support (~> 3.9.3)
    rspec-expectations (3.9.2)
      diff-lcs (>= 1.2.0, < 2.0)
      rspec-support (~> 3.9.0)
    rspec-mocks (3.9.1)
      diff-lcs (>= 1.2.0, < 2.0)
      rspec-support (~> 3.9.0)
    rspec-support (3.9.3)

PLATFORMS
  ruby

DEPENDENCIES
  bundler (~> 1.17)
  geopath!
  rake (~> 13.0)
  rspec (~> 3.0)

BUNDLED WITH
   1.17.3
